GIT
  remote: git://github.com/alphagov/delsolr.git
  revision: d31ce040d79ec43119c1bd0d856bfbc35f9e32b3
  specs:
    delsolr (0.1.8)
      builder (>= 2.0.0)

GEM
  remote: http://rubygems.org/
  remote: https://gems.gemfury.com/vo6ZrmjBQu5szyywDszE/
  specs:
    PriorityQueue (0.1.2)
    activesupport (3.1.3)
      multi_json (~> 1.0)
    addressable (2.2.6)
    builder (3.0.0)
    ci_reporter (1.6.9)
      builder (>= 2.1.2)
    crack (0.3.1)
    erubis (2.7.0)
    gds-api-adapters (0.0.44)
      lrucache (~> 0.1.1)
      null_logger
      plek
    htmlentities (4.3.1)
    i18n (0.6.0)
    json (1.6.5)
    lrucache (0.1.1)
      PriorityQueue (~> 0.1.2)
    metaclass (0.0.1)
    mocha (0.10.0)
      metaclass (~> 0.0.1)
    multi_json (1.0.4)
    nokogiri (1.5.0)
    null_logger (0.0.1)
    plek (0.1.20)
      builder
    rack (1.3.5)
    rack-protection (1.1.4)
      rack
    rack-test (0.6.1)
      rack (>= 1.0)
    rake (0.9.2)
    router-client (2.0.3)
      builder
      null_logger
    shotgun (0.9)
      rack (>= 1.0)
    simplecov (0.5.4)
      multi_json (~> 1.0.3)
      simplecov-html (~> 0.5.3)
    simplecov-html (0.5.3)
    simplecov-rcov (0.2.3)
      simplecov (>= 0.4.1)
    sinatra (1.3.1)
      rack (~> 1.3, >= 1.3.4)
      rack-protection (~> 1.1, >= 1.1.2)
      tilt (~> 1.3, >= 1.3.3)
    sinatra-content-for (0.1)
      sinatra
    slimmer (1.1.38)
      gds-api-adapters (~> 0.0.33)
      json
      nokogiri (~> 1.5.0)
      null_logger
      plek (>= 0.1.8)
      rack (~> 1.3.5)
    test-unit (2.4.3)
    tilt (1.3.3)
    webmock (1.7.8)
      addressable (~> 2.2, > 2.2.5)
      crack (>= 0.1.7)

PLATFORMS
  ruby

DEPENDENCIES
  activesupport (~> 3.1.0)
  ci_reporter
  delsolr!
  erubis
  gds-api-adapters (~> 0.0.14)
  htmlentities
  i18n
  json
  mocha
  nokogiri
  rack (= 1.3.5)
  rack-test
  rake (= 0.9.2)
  router-client (= 2.0.3)
  shotgun
  simplecov
  simplecov-rcov
  sinatra
  sinatra-content-for (= 0.1)
  slimmer (~> 1.1.38)
  test-unit
  webmock
