GEM
  remote: https://rubygems.org/
  specs:
    PriorityQueue (0.1.2)
    activesupport (3.2.12)
      i18n (~> 0.6)
      multi_json (~> 1.0)
    addressable (2.4.0)
    airbrake (4.0.0)
      builder
      multi_json
    amq-protocol (2.0.1)
    ansi (1.4.3)
    ast (2.2.0)
    astrolabe (1.3.1)
      parser (~> 2.2)
    aws-sdk (2.2.19)
      aws-sdk-resources (= 2.2.19)
    aws-sdk-core (2.2.19)
      jmespath (~> 1.0)
    aws-sdk-resources (2.2.19)
      aws-sdk-core (= 2.2.19)
    builder (3.1.3)
    bunny (2.2.2)
      amq-protocol (>= 2.0.1)
    byebug (8.2.0)
    celluloid (0.14.1)
      timers (>= 1.0.0)
    chronic (0.9.1)
    ci_reporter (1.7.1)
      builder (>= 2.1.2)
    coderay (1.1.0)
    connection_pool (1.1.0)
    crack (0.4.3)
      safe_yaml (~> 1.0.0)
    docile (1.1.5)
    domain_name (0.5.24)
      unf (>= 0.0.5, < 1.0.0)
    ffi (1.9.0)
    gds-api-adapters (28.1.0)
      link_header
      lrucache (~> 0.1.1)
      null_logger
      plek (>= 1.9.0)
      rack-cache
      rest-client (~> 1.8.0)
    govuk-lint (0.6.1)
      rubocop (~> 0.35.0)
      scss_lint (~> 0.44.0)
    govuk_message_queue_consumer (2.0.1)
      bunny (~> 2.2.0)
    hashdiff (0.3.0)
    http-cookie (1.0.2)
      domain_name (~> 0.5)
    i18n (0.6.0)
    jmespath (1.1.3)
    json (1.8.1)
    kgio (2.8.0)
    link_header (0.0.8)
    listen (1.2.2)
      rb-fsevent (>= 0.9.3)
      rb-inotify (>= 0.9)
      rb-kqueue (>= 0.2)
    little-plugger (1.1.3)
    logging (1.8.1)
      little-plugger (>= 1.1.3)
      multi_json (>= 1.3.6)
    logstash-event (1.2.02)
    lrucache (0.1.4)
      PriorityQueue (~> 0.1.2)
    metaclass (0.0.1)
    method_source (0.8.2)
    mime-types (2.6.1)
    minitest (4.6.1)
    mocha (0.13.2)
      metaclass (~> 0.0.1)
    mr-sparkle (0.2.0)
      listen (~> 1.0)
      rb-fsevent (>= 0.9)
      rb-inotify (>= 0.8)
      unicorn (>= 4.5)
    multi_json (1.11.0)
    netrc (0.10.3)
    nokogiri (1.5.5)
    null_logger (0.0.1)
    parser (2.3.0.6)
      ast (~> 2.2)
    plek (1.11.0)
    powerpack (0.1.1)
    pry (0.10.3)
      coderay (~> 1.1.0)
      method_source (~> 0.8.1)
      slop (~> 3.4)
    pry-byebug (3.3.0)
      byebug (~> 8.0)
      pry (~> 0.10)
    rack (1.6.4)
    rack-cache (1.6.1)
      rack (>= 0.4)
    rack-logstasher (0.0.3)
      logstash-event
      rack
    rack-protection (1.3.2)
      rack
    rack-test (0.6.1)
      rack (>= 1.0)
    rainbow (2.1.0)
    raindrops (0.11.0)
    rake (10.5.0)
    rb-fsevent (0.9.3)
    rb-inotify (0.9.0)
      ffi (>= 0.5.0)
    rb-kqueue (0.2.0)
      ffi (>= 0.5.0)
    redis (3.0.4)
    redis-namespace (1.3.1)
      redis (~> 3.0.0)
    rest-client (1.8.0)
      http-cookie (>= 1.0.2, < 2.0)
      mime-types (>= 1.16, < 3.0)
      netrc (~> 0.7)
    rubocop (0.35.1)
      astrolabe (~> 1.3)
      parser (>= 2.2.3.0, < 3.0)
      powerpack (~> 0.1)
      rainbow (>= 1.99.1, < 3.0)
      ruby-progressbar (~> 1.7)
      tins (<= 1.6.0)
    ruby-progressbar (1.7.5)
    safe_yaml (1.0.4)
    sass (3.4.21)
    scss_lint (0.44.0)
      rake (~> 10.0)
      sass (~> 3.4.15)
    shoulda-context (1.1.1)
    sidekiq (2.13.0)
      celluloid (>= 0.14.1)
      connection_pool (>= 1.0.0)
      json
      redis (>= 3.0)
      redis-namespace
    sidekiq-statsd (0.1.5)
      activesupport
      sidekiq (>= 2.6)
      statsd-ruby (>= 1.1.0)
    simplecov (0.10.0)
      docile (~> 1.1.0)
      json (~> 1.8)
      simplecov-html (~> 0.10.0)
    simplecov-html (0.10.0)
    simplecov-rcov (0.2.3)
      simplecov (>= 0.4.1)
    sinatra (1.3.4)
      rack (~> 1.4)
      rack-protection (~> 1.3)
      tilt (~> 1.3, >= 1.3.3)
    slop (3.4.5)
    statsd-ruby (1.2.1)
    tilt (1.3.3)
    timecop (0.7.3)
    timers (1.1.0)
    tins (1.6.0)
    turn (0.9.6)
      ansi
    unf (0.1.3)
      unf_ext
    unf_ext (0.0.7.1)
    unicorn (4.6.2)
      kgio (~> 2.6)
      rack
      raindrops (~> 0.7)
    webmock (1.24.1)
      addressable (>= 2.3.6)
      crack (>= 0.3.2)
      hashdiff
    whenever (0.8.2)
      activesupport (>= 2.3.4)
      chronic (>= 0.6.3)

PLATFORMS
  ruby

DEPENDENCIES
  airbrake (= 4.0.0)
  aws-sdk (~> 2)
  ci_reporter (= 1.7.1)
  gds-api-adapters (~> 28.1.0)
  govuk-lint (~> 0.6.1)
  govuk_message_queue_consumer (~> 2.0.1)
  logging (= 1.8.1)
  minitest (= 4.6.1)
  mocha
  mr-sparkle (= 0.2.0)
  nokogiri (= 1.5.5)
  plek (= 1.11.0)
  pry-byebug
  rack (~> 1.6)
  rack-logstasher (= 0.0.3)
  rack-test
  rake (~> 10.5)
  redis-namespace (= 1.3.1)
  rest-client (= 1.8.0)
  shoulda-context
  sidekiq (= 2.13.0)
  sidekiq-statsd (= 0.1.5)
  simplecov (~> 0.10.0)
  simplecov-rcov
  sinatra (= 1.3.4)
  slop (= 3.4.5)
  timecop (= 0.7.3)
  turn
  unf (= 0.1.3)
  unicorn (= 4.6.2)
  webmock (~> 1.24)
  whenever
