GEM
  remote: https://rubygems.org/
  specs:
    activesupport (6.0.2.1)
      concurrent-ruby (~> 1.0, >= 1.0.2)
      i18n (>= 0.7, < 2)
      minitest (~> 5.1)
      tzinfo (~> 1.1)
      zeitwerk (~> 2.2)
    addressable (2.7.0)
      public_suffix (>= 2.0.2, < 5.0)
    amq-protocol (2.3.0)
    ast (2.4.0)
    aws-eventstream (1.0.3)
    aws-partitions (1.271.0)
    aws-sdk-core (3.89.1)
      aws-eventstream (~> 1.0, >= 1.0.2)
      aws-partitions (~> 1, >= 1.239.0)
      aws-sigv4 (~> 1.1)
      jmespath (~> 1.0)
    aws-sdk-kms (1.28.0)
      aws-sdk-core (~> 3, >= 3.71.0)
      aws-sigv4 (~> 1.1)
    aws-sdk-s3 (1.60.2)
      aws-sdk-core (~> 3, >= 3.83.0)
      aws-sdk-kms (~> 1)
      aws-sigv4 (~> 1.1)
    aws-sdk-sagemaker (1.50.0)
      aws-sdk-core (~> 3, >= 3.71.0)
      aws-sigv4 (~> 1.1)
    aws-sdk-sagemakerruntime (1.18.0)
      aws-sdk-core (~> 3, >= 3.71.0)
      aws-sigv4 (~> 1.1)
    aws-sigv4 (1.1.0)
      aws-eventstream (~> 1.0, >= 1.0.2)
    bootsnap (1.4.5)
      msgpack (~> 1.0)
    bunny (2.14.2)
      amq-protocol (~> 2.3, >= 2.3.0)
    bunny-mock (1.7.0)
      bunny (>= 1.7)
    byebug (11.1.1)
    climate_control (0.2.0)
    coderay (1.1.2)
    concurrent-ruby (1.1.6)
    connection_pool (2.2.2)
    crack (0.4.3)
      safe_yaml (~> 1.0.0)
    crass (1.0.5)
    declarative (0.0.10)
    declarative-option (0.1.0)
    diff-lcs (1.3)
    docile (1.3.2)
    domain_name (0.5.20190701)
      unf (>= 0.0.5, < 1.0.0)
    elasticsearch (6.8.1)
      elasticsearch-api (= 6.8.1)
      elasticsearch-transport (= 6.8.1)
    elasticsearch-api (6.8.1)
      multi_json
    elasticsearch-transport (6.8.1)
      faraday (>= 0.14, < 1)
      multi_json
    faraday (0.17.3)
      multipart-post (>= 1.2, < 3)
    ffi (1.11.2)
    gds-api-adapters (63.5.0)
      addressable
      link_header
      null_logger
      plek (>= 1.9.0)
      rack-cache
      rest-client (~> 2.0)
    google-api-client (0.37.0)
      addressable (~> 2.5, >= 2.5.1)
      googleauth (~> 0.9)
      httpclient (>= 2.8.1, < 3.0)
      mini_mime (~> 1.0)
      representable (~> 3.0)
      retriable (>= 2.0, < 4.0)
      signet (~> 0.12)
    google-cloud-bigquery (1.19.0)
      concurrent-ruby (~> 1.0)
      google-api-client (~> 0.33)
      google-cloud-core (~> 1.2)
      googleauth (~> 0.9)
      mini_mime (~> 1.0)
    google-cloud-core (1.5.0)
      google-cloud-env (~> 1.0)
      google-cloud-errors (~> 1.0)
    google-cloud-env (1.3.0)
      faraday (~> 0.11)
    google-cloud-errors (1.0.0)
    googleauth (0.10.0)
      faraday (~> 0.12)
      jwt (>= 1.4, < 3.0)
      memoist (~> 0.16)
      multi_json (~> 1.11)
      os (>= 0.9, < 2.0)
      signet (~> 0.12)
    govuk-content-schema-test-helpers (1.6.1)
      json-schema (~> 2.8.0)
    govuk_app_config (2.0.3)
      logstasher (>= 1.2.2, < 1.4.0)
      sentry-raven (>= 2.7.1, < 2.14.0)
      statsd-ruby (~> 1.4.0)
      unicorn (>= 5.4, < 5.6)
    govuk_document_types (0.9.2)
    govuk_message_queue_consumer (3.5.0)
      bunny (~> 2.11)
    govuk_schemas (4.0.0)
      json-schema (~> 2.8.0)
    govuk_sidekiq (3.0.5)
      gds-api-adapters (>= 19.1.0)
      govuk_app_config (>= 1.1)
      redis-namespace (~> 1.6)
      sidekiq (>= 5, < 6)
      sidekiq-logging-json (~> 0.0)
      sidekiq-statsd (>= 2.1)
    hashdiff (1.0.0)
    http-accept (1.7.0)
    http-cookie (1.0.3)
      domain_name (~> 0.5)
    httparty (0.17.3)
      mime-types (~> 3.0)
      multi_xml (>= 0.5.2)
    httpclient (2.8.3)
    i18n (1.8.2)
      concurrent-ruby (~> 1.0)
    io-console (0.5.3)
    irb (1.2.1)
      reline (>= 0.0.1)
    jaro_winkler (1.5.4)
    jmespath (1.4.0)
    json-schema (2.8.1)
      addressable (>= 2.4)
    jwt (2.2.1)
    kgio (2.11.3)
    link_header (0.0.8)
    listen (1.3.1)
      rb-fsevent (>= 0.9.3)
      rb-inotify (>= 0.9)
      rb-kqueue (>= 0.2)
    little-plugger (1.1.4)
    logging (2.2.2)
      little-plugger (~> 1.1)
      multi_json (~> 1.10)
    logstash-event (1.2.02)
    logstasher (1.3.0)
      activesupport (>= 4.0)
      logstash-event (~> 1.2.0)
      request_store
    loofah (2.4.0)
      crass (~> 1.0.2)
      nokogiri (>= 1.5.9)
    memoist (0.16.2)
    method_source (0.9.2)
    mime-types (3.3.1)
      mime-types-data (~> 3.2015)
    mime-types-data (3.2019.1009)
    mini_mime (1.0.2)
    mini_portile2 (2.4.0)
    minitest (5.14.0)
    mr-sparkle (0.3.0)
      listen (~> 1.0)
      rb-fsevent (>= 0.9)
      rb-inotify (>= 0.8)
      unicorn (>= 4.5)
    msgpack (1.3.1)
    multi_json (1.14.1)
    multi_xml (0.6.0)
    multipart-post (2.1.1)
    mustermann (1.1.0)
      ruby2_keywords (~> 0.0.1)
    netrc (0.11.0)
    nokogiri (1.10.8)
      mini_portile2 (~> 2.4.0)
    null_logger (0.0.1)
    oauth2 (1.4.4)
      faraday (>= 0.8, < 2.0)
      jwt (>= 1.0, < 3.0)
      multi_json (~> 1.3)
      multi_xml (~> 0.5)
      rack (>= 1.2, < 3)
    oj (3.10.2)
    os (1.0.1)
    parallel (1.19.1)
    parser (2.6.5.0)
      ast (~> 2.4.0)
    plek (3.0.0)
    pry (0.12.2)
      coderay (~> 1.1.0)
      method_source (~> 0.9.0)
    pry-byebug (3.8.0)
      byebug (~> 11.0)
      pry (~> 0.10)
    public_suffix (4.0.3)
    rack (2.2.2)
    rack-cache (1.11.0)
      rack (>= 0.4)
    rack-logstasher (1.0.2)
      logstash-event
      rack (~> 2.0)
    rack-protection (2.0.8.1)
      rack
    rack-test (1.1.0)
      rack (>= 1.0, < 3)
    rainbow (3.0.0)
    raindrops (0.19.1)
    rake (13.0.1)
    rb-fsevent (0.10.3)
    rb-inotify (0.10.0)
      ffi (~> 1.0)
    rb-kqueue (0.2.5)
      ffi (>= 0.5.0)
    redis (4.1.3)
    redis-namespace (1.7.0)
      redis (>= 3.0.4)
    reline (0.1.0)
      io-console (~> 0.5)
    representable (3.0.4)
      declarative (< 0.1.0)
      declarative-option (< 0.2.0)
      uber (< 0.2.0)
    request_store (1.5.0)
      rack (>= 1.4)
    rest-client (2.1.0)
      http-accept (>= 1.7.0, < 2.0)
      http-cookie (>= 1.0.2, < 2.0)
      mime-types (>= 1.16, < 4.0)
      netrc (~> 0.8)
    retriable (3.1.2)
    rspec (3.9.0)
      rspec-core (~> 3.9.0)
      rspec-expectations (~> 3.9.0)
      rspec-mocks (~> 3.9.0)
    rspec-core (3.9.0)
      rspec-support (~> 3.9.0)
    rspec-expectations (3.9.0)
      diff-lcs (>= 1.2.0, < 2.0)
      rspec-support (~> 3.9.0)
    rspec-mocks (3.9.0)
      diff-lcs (>= 1.2.0, < 2.0)
      rspec-support (~> 3.9.0)
    rspec-support (3.9.0)
    rubocop (0.77.0)
      jaro_winkler (~> 1.5.1)
      parallel (~> 1.10)
      parser (>= 2.6)
      rainbow (>= 2.2.2, < 4.0)
      ruby-progressbar (~> 1.7)
      unicode-display_width (>= 1.4.0, < 1.7)
    rubocop-govuk (2.0.0)
      rubocop (= 0.77)
      rubocop-rails (~> 2)
      rubocop-rspec (~> 1.28)
    rubocop-rails (2.4.0)
      rack (>= 1.1)
      rubocop (>= 0.72.0)
    rubocop-rspec (1.37.0)
      rubocop (>= 0.68.1)
    ruby-progressbar (1.10.1)
    ruby2_keywords (0.0.1)
    rubyzip (2.2.0)
    safe_yaml (1.0.5)
    sentry-raven (2.13.0)
      faraday (>= 0.7.6, < 1.0)
    sidekiq (5.2.7)
      connection_pool (~> 2.2, >= 2.2.2)
      rack (>= 1.5.0)
      rack-protection (>= 1.5.0)
      redis (>= 3.3.5, < 5)
    sidekiq-limit_fetch (3.4.0)
      sidekiq (>= 4)
    sidekiq-logging-json (0.0.19)
      sidekiq (>= 3)
    sidekiq-statsd (2.1.0)
      activesupport
      sidekiq (>= 3.3.1)
    signet (0.12.0)
      addressable (~> 2.3)
      faraday (~> 0.9)
      jwt (>= 1.5, < 3.0)
      multi_json (~> 1.10)
    simplecov (0.18.2)
      docile (~> 1.1)
      simplecov-html (~> 0.11)
    simplecov-html (0.12.0)
    simplecov-rcov (0.2.3)
      simplecov (>= 0.4.1)
    sinatra (2.0.8.1)
      mustermann (~> 1.0)
      rack (~> 2.0)
      rack-protection (= 2.0.8.1)
      tilt (~> 2.0)
    statsd-ruby (1.4.0)
    thread_safe (0.3.6)
    tilt (2.0.10)
    timecop (0.9.1)
    tzinfo (1.2.6)
      thread_safe (~> 0.1)
    uber (0.1.0)
    unf (0.1.4)
      unf_ext
    unf_ext (0.0.7.6)
    unicode-display_width (1.6.0)
    unicorn (5.5.3)
      kgio (~> 2.6)
      raindrops (~> 0.7)
    warden (1.2.8)
      rack (>= 2.0.6)
    warden-oauth2 (0.0.1)
      warden
    webmock (3.8.2)
      addressable (>= 2.3.6)
      crack (>= 0.3.2)
      hashdiff (>= 0.4.0, < 2.0.0)
    zeitwerk (2.2.2)

PLATFORMS
  ruby

DEPENDENCIES
  activesupport (~> 6.0.2)
  aws-sdk-s3 (~> 1.60)
  aws-sdk-sagemaker (~> 1.50)
  aws-sdk-sagemakerruntime (~> 1.18)
  bootsnap (~> 1.4)
  bunny-mock (~> 1.7)
  climate_control (~> 0.2)
  elasticsearch (~> 6)
  gds-api-adapters (~> 63.5)
  google-api-client (~> 0.37.0)
  google-cloud-bigquery (~> 1.19.0)
  googleauth (~> 0.10.0)
  govuk-content-schema-test-helpers (~> 1.6.1)
  govuk_app_config (~> 2.0.3)
  govuk_document_types (~> 0.9.2)
  govuk_message_queue_consumer (~> 3.5.0)
  govuk_schemas (~> 4.0.0)
  govuk_sidekiq (~> 3.0.5)
  httparty (~> 0.17.3)
  irb (~> 1.2)
  logging (~> 2.2.2)
  loofah
  mr-sparkle (= 0.3.0)
  nokogiri (~> 1.10.8)
  oauth2
  oj
  plek (~> 3.0)
  pry-byebug
  rack (~> 2.2)
  rack-logstasher (~> 1.0.2)
  rack-test (~> 1.1.0)
  rainbow
  rake (~> 13.0)
  rspec
  rubocop-govuk
  rubyzip (= 2.2.0)
  sidekiq-limit_fetch
  simplecov (~> 0.18.2)
  simplecov-rcov (~> 0.2.3)
  sinatra (~> 2.0.8)
  statsd-ruby (~> 1.4.0)
  timecop (~> 0.9.1)
  unf (~> 0.1.4)
  warden
  warden-oauth2
  webmock (~> 3.8.2)

BUNDLED WITH
   1.17.3
